GEM
  remote: https://rubygems.org/
  specs:
    base64 (0.2.0)
    debendencies (1.1.0)
      fileutils (~> 1)
      json (~> 2)
      open3 (>= 0.1, < 2)
      optparse (>= 0.4, < 2)
      set (~> 1)
      stringio (~> 3)
      tempfile (>= 0.1, < 2)
      tmpdir (>= 0.1, < 2)
    fileutils (1.7.2)
    json (2.7.2)
    jwt (2.8.2)
      base64
    mustermann (3.0.0)
      ruby2_keywords (~> 0.0.1)
    nio4r (2.7.3)
    open3 (0.2.1)
    optparse (0.5.0)
    puma (6.4.3)
      nio4r (~> 2.0)
    rack (3.1.7)
    rack-protection (4.0.0)
      base64 (>= 0.1.0)
      rack (>= 3.0.0, < 4)
    rack-session (2.0.0)
      rack (>= 3.0.0)
    ruby2_keywords (0.0.5)
    rufo (0.18.0)
    set (1.1.0)
    sinatra (4.0.0)
      mustermann (~> 3.0)
      rack (>= 3.0.0, < 4)
      rack-protection (= 4.0.0)
      rack-session (>= 2.0.0, < 3)
      tilt (~> 2.0)
    stringio (3.1.1)
    tempfile (0.2.1)
    tilt (2.4.0)
    tmpdir (0.2.0)
      fileutils

PLATFORMS
  ruby

DEPENDENCIES
  debendencies
  jwt
  puma
  rufo
  sinatra (~> 4)

RUBY VERSION
   ruby 3.3.0p0

BUNDLED WITH
   2.5.10
